PATH
  remote: .
  specs:
    opentelemetry-instrumentation-trace_point_app (0.0.0)
      opentelemetry-api (~> 1.0.0.rc2)
      opentelemetry-instrumentation-base (~> 0.18.1)

GEM
  remote: https://rubygems.org/
  specs:
    addressable (2.8.0)
      public_suffix (>= 2.0.2, < 5.0)
    ast (2.4.2)
    byebug (11.1.3)
    coderay (1.1.3)
    crack (0.4.5)
      rexml
    docile (1.4.0)
    hashdiff (1.0.1)
    jaro_winkler (1.5.4)
    json (2.5.1)
    method_source (1.0.0)
    minitest (5.14.4)
    opentelemetry-api (1.0.0.rc2)
    opentelemetry-common (0.19.0)
      opentelemetry-api (~> 1.0.0.rc2)
    opentelemetry-instrumentation-base (0.18.1)
      opentelemetry-api (~> 1.0.0.rc2)
    opentelemetry-sdk (1.0.0.rc2)
      opentelemetry-api (~> 1.0.0.rc2)
      opentelemetry-common (~> 0.19.0)
      opentelemetry-instrumentation-base (~> 0.18.1)
    opentelemetry-semantic_conventions (1.4.0)
      opentelemetry-api (~> 1.0.0.rc2)
    parallel (1.20.1)
    parser (3.0.2.0)
      ast (~> 2.4.1)
    pry (0.13.1)
      coderay (~> 1.1)
      method_source (~> 1.0)
    pry-byebug (3.9.0)
      byebug (~> 11.0)
      pry (~> 0.13.0)
    public_suffix (4.0.6)
    rainbow (3.0.0)
    rake (12.3.3)
    rexml (3.2.5)
    rubocop (0.73.0)
      jaro_winkler (~> 1.5.1)
      parallel (~> 1.10)
      parser (>= 2.6)
      rainbow (>= 2.2.2, < 4.0)
      ruby-progressbar (~> 1.7)
      unicode-display_width (>= 1.4.0, < 1.7)
    ruby-progressbar (1.11.0)
    simplecov (0.17.1)
      docile (~> 1.1)
      json (>= 1.8, < 3)
      simplecov-html (~> 0.10.0)
    simplecov-html (0.10.2)
    sqlite3 (1.4.2)
    sqlite3-ruby (1.3.3)
      sqlite3 (>= 1.3.3)
    unicode-display_width (1.6.1)
    webmock (3.7.6)
      addressable (>= 2.3.6)
      crack (>= 0.3.2)
      hashdiff (>= 0.4.0, < 2.0.0)
    yard (0.9.26)
    yard-doctest (0.1.17)
      minitest
      yard

PLATFORMS
  x86_64-linux

DEPENDENCIES
  bundler (>= 1.17)
  byebug
  minitest (~> 5.0)
  opentelemetry-api
  opentelemetry-common
  opentelemetry-instrumentation-base
  opentelemetry-instrumentation-trace_point_app!
  opentelemetry-sdk
  opentelemetry-semantic_conventions
  pry-byebug
  rake (~> 12.3.3)
  rubocop (~> 0.73.0)
  simplecov (~> 0.17.1)
  sqlite3-ruby
  webmock (~> 3.7.6)
  yard (~> 0.9)
  yard-doctest (~> 0.1.6)

BUNDLED WITH
   2.2.24
